GIT
  remote: git://github.com/jnunemaker/mongomapper.git
  revision: 985c9c67a642eeb8d00bce4108541a5406d1b2f2
  specs:
    mongo_mapper (0.8.6)
      activesupport (>= 2.3.4)
      jnunemaker-validatable (~> 1.8.4)
      plucky (~> 0.3.6)

GIT
  remote: git://github.com/mongoid/mongoid.git
  revision: c0cb411486454f0883d6f9477b0f3265f7340d98
  specs:
    mongoid (2.0.0.rc.1)
      activemodel (~> 3.0)
      mongo (~> 1.1.5)
      tzinfo (~> 0.3.22)
      will_paginate (~> 3.0.pre)

GEM
  remote: http://rubygems.org/
  specs:
    activemodel (3.0.3)
      activesupport (= 3.0.3)
      builder (~> 2.1.2)
      i18n (~> 0.4)
    activesupport (3.0.3)
    bson (1.1.5)
    builder (2.1.2)
    diff-lcs (1.1.2)
    guard (0.4.2)
      thor (~> 0.14.6)
    guard-bundler (0.1.3)
      bundler (>= 1.0.0)
      guard (>= 0.2.2)
    guard-rspec (0.4.0)
      guard (>= 0.4.0)
    i18n (0.5.0)
    jnunemaker-validatable (1.8.4)
      activesupport (>= 2.3.4)
    machinist (2.0.0.beta2)
    mongo (1.1.5)
      bson (>= 1.1.5)
    plucky (0.3.6)
      mongo (~> 1.1)
    rack (1.2.1)
    rake (0.8.7)
    rb-fsevent (0.4.0)
    rspec (2.4.0)
      rspec-core (~> 2.4.0)
      rspec-expectations (~> 2.4.0)
      rspec-mocks (~> 2.4.0)
    rspec-core (2.4.0)
    rspec-expectations (2.4.0)
      diff-lcs (~> 1.1.2)
    rspec-mocks (2.4.0)
    sham (0.5.0)
    sham_rack (1.3.3)
      rack
    thor (0.14.6)
    tzinfo (0.3.23)
    will_paginate (3.0.pre2)

PLATFORMS
  ruby

DEPENDENCIES
  guard
  guard-bundler
  guard-rspec
  machinist (>= 2.0.0.beta2)
  mongo (~> 1.1)
  mongo_mapper!
  mongoid!
  rake
  rb-fsevent
  rspec (= 2.4)
  sham
  sham_rack
